GEM
  remote: https://rubygems.org/
  specs:
    addressable (2.3.8)
    autoprefixer-rails (6.3.6.2)
      execjs
    bootstrap-sass (3.3.6)
      autoprefixer-rails (>= 5.2.1)
      sass (>= 3.3.4)
    colorator (0.1)
    concurrent-ruby (1.0.2)
    execjs (2.7.0)
    fastimage (1.9.0)
      addressable (~> 2.3.5)
    ffi (1.9.10-x64-mingw32)
    font-awesome-sass (4.6.2)
      sass (>= 3.2)
    jekyll (3.1.6)
      colorator (~> 0.1)
      jekyll-sass-converter (~> 1.0)
      jekyll-watch (~> 1.1)
      kramdown (~> 1.3)
      liquid (~> 3.0)
      mercenary (~> 0.3.3)
      rouge (~> 1.7)
      safe_yaml (~> 1.0)
    jekyll-assets (2.1.3)
      fastimage (~> 1.8)
      jekyll (~> 3.0)
      sprockets (~> 3.3)
      sprockets-helpers (~> 1.2)
      tilt (~> 2.0)
    jekyll-sass-converter (1.4.0)
      sass (~> 3.4)
    jekyll-sitemap (0.10.0)
    jekyll-watch (1.4.0)
      listen (~> 3.0, < 3.1)
    jekyll_version_plugin (1.0.2)
    kramdown (1.11.1)
    liquid (3.0.6)
    listen (3.0.8)
      rb-fsevent (~> 0.9, >= 0.9.4)
      rb-inotify (~> 0.9, >= 0.9.7)
    mercenary (0.3.6)
    mini_magick (4.5.1)
    net-sftp (2.1.2)
      net-ssh (>= 2.6.5)
    net-ssh (3.2.0)
    nuggets (1.5.0)
    rack (1.6.4)
    rake (11.2.2)
    rb-fsevent (0.9.7)
    rb-inotify (0.9.7)
      ffi (>= 0.5.0)
    rouge (1.11.1)
    rubyzip (1.2.0)
    safe_yaml (1.0.4)
    sass (3.4.22)
    sprockets (3.6.1)
      concurrent-ruby (~> 1.0)
      rack (> 1, < 3)
    sprockets-helpers (1.2.1)
      sprockets (>= 2.2)
    tilt (2.0.5)
    wdm (0.1.1)
    yui-compressor (0.12.0)

PLATFORMS
  x64-mingw32

DEPENDENCIES
  bootstrap-sass (~> 3.3.6)
  bundler
  font-awesome-sass
  jekyll
  jekyll-assets (~> 2.1.2)
  jekyll-sitemap
  jekyll_version_plugin
  listen
  mini_magick
  net-sftp
  net-ssh
  nuggets
  rack (~> 1.6.4)
  rake
  rouge
  rubyzip (>= 1.0.0)
  wdm (~> 0.1.0)
  yui-compressor

BUNDLED WITH
   1.12.5
