GEM
  remote: https://rubygems.org/
  specs:
    addressable (2.3.8)
    autoprefixer-rails (6.3.6.2)
      execjs
    blankslate (2.1.2.4)
    bootstrap-sass (3.3.6)
      autoprefixer-rails (>= 5.2.1)
      sass (>= 3.3.4)
    classifier-reborn (2.0.4)
      fast-stemmer (~> 1.0)
    coffee-script (2.4.1)
      coffee-script-source
      execjs
    coffee-script-source (1.10.0)
    colorator (0.1)
    execjs (2.7.0)
    faraday (0.9.2)
      multipart-post (>= 1.2, < 3)
    fast-stemmer (1.0.2)
    fastimage (1.9.0)
      addressable (~> 2.3.5)
    ffi (1.9.10-x64-mingw32)
    font-awesome-sass (4.6.2)
      sass (>= 3.2)
    hike (1.2.3)
    jekyll (2.5.3)
      classifier-reborn (~> 2.0)
      colorator (~> 0.1)
      jekyll-coffeescript (~> 1.0)
      jekyll-gist (~> 1.0)
      jekyll-paginate (~> 1.0)
      jekyll-sass-converter (~> 1.0)
      jekyll-watch (~> 1.1)
      kramdown (~> 1.3)
      liquid (~> 2.6.1)
      mercenary (~> 0.3.3)
      pygments.rb (~> 0.6.0)
      redcarpet (~> 3.1)
      safe_yaml (~> 1.0)
      toml (~> 0.1.0)
    jekyll-assets (1.0.0)
      fastimage (~> 1.6)
      jekyll (>= 2)
      mini_magick (~> 4.1)
      sass (~> 3.2)
      sprockets (~> 2.10)
      sprockets-helpers
      sprockets-sass
    jekyll-autolink_email (0.0.2)
      jekyll (~> 2.0)
      rinku (~> 1.7.0)
    jekyll-coffeescript (1.0.1)
      coffee-script (~> 2.2)
    jekyll-gist (1.4.0)
      octokit (~> 4.2)
    jekyll-paginate (1.1.0)
    jekyll-sass-converter (1.4.0)
      sass (~> 3.4)
    jekyll-sitemap (0.10.0)
    jekyll-watch (1.4.0)
      listen (~> 3.0, < 3.1)
    jekyll_version_plugin (1.0.2)
    kramdown (1.11.1)
    liquid (2.6.3)
    listen (3.0.8)
      rb-fsevent (~> 0.9, >= 0.9.4)
      rb-inotify (~> 0.9, >= 0.9.7)
    mercenary (0.3.6)
    mini_magick (4.5.1)
    multi_json (1.12.1)
    multipart-post (2.0.0)
    net-sftp (2.1.2)
      net-ssh (>= 2.6.5)
    net-ssh (3.1.1)
    nuggets (1.5.0)
    octokit (4.3.0)
      sawyer (~> 0.7.0, >= 0.5.3)
    parslet (1.5.0)
      blankslate (~> 2.0)
    posix-spawn (0.3.11)
    pygments.rb (0.6.3)
      posix-spawn (~> 0.3.6)
      yajl-ruby (~> 1.2.0)
    rack (1.6.4)
    rake (11.2.2)
    rb-fsevent (0.9.7)
    rb-inotify (0.9.7)
      ffi (>= 0.5.0)
    redcarpet (3.3.4)
    rinku (1.7.3)
    rouge (2.0.1)
    rubyzip (1.2.0)
    safe_yaml (1.0.4)
    sass (3.4.22)
    sawyer (0.7.0)
      addressable (>= 2.3.5, < 2.5)
      faraday (~> 0.8, < 0.10)
    sprockets (2.12.4)
      hike (~> 1.2)
      multi_json (~> 1.0)
      rack (~> 1.0)
      tilt (~> 1.1, != 1.3.0)
    sprockets-helpers (1.2.1)
      sprockets (>= 2.2)
    sprockets-sass (1.3.1)
      sprockets (~> 2.0)
      tilt (~> 1.1)
    tilt (1.4.1)
    toml (0.1.2)
      parslet (~> 1.5.0)
    wdm (0.1.1)
    yajl-ruby (1.2.1)
    yui-compressor (0.12.0)

PLATFORMS
  x64-mingw32

DEPENDENCIES
  bootstrap-sass (~> 3.3.6)
  bundler
  font-awesome-sass
  jekyll
  jekyll-assets
  jekyll-autolink_email
  jekyll-sitemap
  jekyll_version_plugin
  listen
  mini_magick
  net-sftp
  net-ssh
  nuggets
  rake
  rouge
  rubyzip (>= 1.0.0)
  wdm (~> 0.1.0)
  yui-compressor

BUNDLED WITH
   1.12.5
